GEM
  remote: https://rubygems.org/
  specs:
    mustermann (2.0.2)
      ruby2_keywords (~> 0.0.1)
    rack (2.2.4)
    rack-protection (2.2.3)
      rack
    ruby2_keywords (0.0.5)
    sinatra (2.2.3)
      mustermann (~> 2.0)
      rack (~> 2.2)
      rack-protection (= 2.2.3)
      tilt (~> 2.0)
    sinatra-subdomain (0.3.0)
      sinatra
    tilt (2.0.11)

PLATFORMS
  ruby

DEPENDENCIES
  sinatra
  sinatra-subdomain

RUBY VERSION
   ruby 2.6.5p114

BUNDLED WITH
   1.17.2
